GEM
  remote: https://rubygems.org/
  specs:
    values (1.6.0)

PLATFORMS
  ruby

DEPENDENCIES
  values
